GEM
  remote: https://rubygems.org/
  specs:
    concurrent-ruby (1.2.3)
    faker (3.2.3)
      i18n (>= 1.8.11, < 2)
    i18n (1.14.4)
      concurrent-ruby (~> 1.0)
    nokogiri (1.15.5-x86_64-linux)
      racc (~> 1.4)
    racc (1.7.3)
    roo (2.10.1)
      nokogiri (~> 1)
      rubyzip (>= 1.3.0, < 3.0.0)
    rubyzip (2.3.2)

PLATFORMS
  x86_64-linux

DEPENDENCIES
  faker (~> 3.2.0)
  roo

BUNDLED WITH
   2.4.20
